PATH
  remote: .
  specs:
    github-reaper (0.0.2)
      colorize (= 0.7.3)
      octokit (= 3.4.2)
      slop (= 3.6.0)

GEM
  remote: https://rubygems.org/
  specs:
    addressable (2.3.6)
    colorize (0.7.3)
    faraday (0.9.0)
      multipart-post (>= 1.2, < 3)
    multipart-post (2.0.0)
    octokit (3.4.2)
      sawyer (~> 0.5.3)
    sawyer (0.5.5)
      addressable (~> 2.3.5)
      faraday (~> 0.8, < 0.10)
    slop (3.6.0)

PLATFORMS
  ruby

DEPENDENCIES
  colorize
  github-reaper!
  octokit (~> 3.0)
  slop (~> 3.6.0)
